PATH
  remote: .
  specs:
    pokemon_go_companion (0.1.0)

GEM
  remote: https://rubygems.org/
  specs:
    coderay (1.1.3)
    colorize (0.8.1)
    method_source (1.0.0)
    pry (0.13.1)
      coderay (~> 1.1)
      method_source (~> 1.0)
    rake (12.3.2)
    require_all (3.0.0)

PLATFORMS
  ruby

DEPENDENCIES
  colorize
  pokemon_go_companion!
  pry
  rake (~> 12.0)
  require_all

BUNDLED WITH
   2.1.4
