PATH
  remote: .
  specs:
    pokemon_go_companion (0.1.0)

GEM
  remote: https://rubygems.org/
  specs:
    rake (12.3.2)
    require_all (3.0.0)

PLATFORMS
  ruby

DEPENDENCIES
  pokemon_go_companion!
  rake (~> 12.0)
  require_all

BUNDLED WITH
   2.1.4
